GIT
  remote: https://github.com/padrino/padrino-framework.git
  revision: 4a80dca4ec0c52a9c7daa2e28d17c1d8cb024e4b
  ref: 4a80dca4ec0c52a9c7daa2e28d17c1d8cb024e4b
  specs:
    padrino (0.14.0.2)
      padrino-admin (= 0.14.0.2)
      padrino-cache (= 0.14.0.2)
      padrino-core (= 0.14.0.2)
      padrino-gen (= 0.14.0.2)
      padrino-helpers (= 0.14.0.2)
      padrino-mailer (= 0.14.0.2)
      padrino-support (= 0.14.0.2)
    padrino-admin (0.14.0.2)
      padrino-core (= 0.14.0.2)
      padrino-helpers (= 0.14.0.2)
    padrino-cache (0.14.0.2)
      moneta (~> 0.8.0)
      padrino-core (= 0.14.0.2)
      padrino-helpers (= 0.14.0.2)
    padrino-core (0.14.0.2)
      mustermann19
      padrino-support (= 0.14.0.2)
      rack-protection (>= 1.5.0)
      sinatra (>= 1.4.6)
      thor (~> 0.18)
    padrino-gen (0.14.0.2)
      bundler (~> 1.0)
      padrino-core (= 0.14.0.2)
    padrino-helpers (0.14.0.2)
      i18n (~> 0.6, >= 0.6.7)
      padrino-support (= 0.14.0.2)
      tilt (>= 1.4.1, < 3)
    padrino-mailer (0.14.0.2)
      mail (~> 2.5)
      mime-types (< 3)
      padrino-core (= 0.14.0.2)
    padrino-support (0.14.0.2)

GEM
  remote: https://rubygems.org/
  specs:
    active_shipping (1.9.2)
      active_utils (~> 3.2.0)
      activesupport (>= 3.2, < 5.1.0)
      nokogiri (>= 1.6)
      quantified (~> 1.0.1)
    active_utils (3.2.4)
      activesupport (>= 3.2, < 5.1.0)
      i18n
    activemodel (5.0.1)
      activesupport (= 5.0.1)
    activesupport (5.0.1)
      concurrent-ruby (~> 1.0, >= 1.0.2)
      i18n (~> 0.7)
      minitest (~> 5.1)
      tzinfo (~> 1.1)
    bcrypt (3.1.11)
    carrierwave (1.1.0)
      activemodel (>= 4.0.0)
      activesupport (>= 4.0.0)
      mime-types (>= 1.16)
    carrierwave-sequel (0.1.1)
      carrierwave
      sequel
    concurrent-ruby (1.0.5)
    diff-lcs (1.2.5)
    domain_name (0.5.20170404)
      unf (>= 0.0.5, < 1.0.0)
    dotenv (2.1.1)
    enumerable-lazy (0.0.2)
    erubis (2.7.0)
    gmail (0.6.0)
      gmail_xoauth (>= 0.3.0)
      mail (>= 2.2.1)
    gmail_xoauth (0.4.2)
      oauth (>= 0.3.6)
    hkdf (0.3.0)
    http-cookie (1.0.3)
      domain_name (~> 0.5)
    i18n (0.8.1)
    jwt (1.5.6)
    mail (2.6.5)
      mime-types (>= 1.16, < 4)
    mechanize (2.7.5)
      domain_name (~> 0.5, >= 0.5.1)
      http-cookie (~> 1.0)
      mime-types (>= 1.17.2)
      net-http-digest_auth (~> 1.1, >= 1.1.1)
      net-http-persistent (~> 2.5, >= 2.5.2)
      nokogiri (~> 1.6)
      ntlm-http (~> 0.1, >= 0.1.1)
      webrobots (>= 0.0.9, < 0.2)
    mime-types (2.99.3)
    mini_portile2 (2.1.0)
    minitest (5.10.2)
    moneta (0.8.1)
    mustermann (1.0.0)
    mustermann19 (0.4.4)
      enumerable-lazy
    net-http-digest_auth (1.4.1)
    net-http-persistent (2.9.4)
    nokogiri (1.6.8.1)
      mini_portile2 (~> 2.1.0)
    ntlm-http (0.1.1)
    oauth (0.5.1)
    oj (2.18.0)
    pg (0.19.0)
    quantified (1.0.1)
    rack (2.0.2)
    rack-parser (0.7.0)
      rack
    rack-protection (2.0.0)
      rack
    rack-test (0.6.3)
      rack (>= 1.0)
    rake (12.0.0)
    rspec (3.5.0)
      rspec-core (~> 3.5.0)
      rspec-expectations (~> 3.5.0)
      rspec-mocks (~> 3.5.0)
    rspec-core (3.5.4)
      rspec-support (~> 3.5.0)
    rspec-expectations (3.5.0)
      diff-lcs (>= 1.2.0, < 2.0)
      rspec-support (~> 3.5.0)
    rspec-mocks (3.5.0)
      diff-lcs (>= 1.2.0, < 2.0)
      rspec-support (~> 3.5.0)
    rspec-support (3.5.0)
    sass (3.4.23)
    sequel (4.41.0)
    sequel-annotate (1.0.0)
      sequel (>= 4)
    sinatra (2.0.0)
      mustermann (~> 1.0)
      rack (~> 2.0)
      rack-protection (= 2.0.0)
      tilt (~> 2.0)
    thor (0.19.4)
    thread_safe (0.3.6)
    tilt (2.0.7)
    tzinfo (1.2.3)
      thread_safe (~> 0.1)
    unf (0.1.4)
      unf_ext
    unf_ext (0.0.7.4)
    webpush (0.3.1)
      hkdf (~> 0.2)
      jwt
    webrobots (0.1.2)

PLATFORMS
  ruby

DEPENDENCIES
  active_shipping
  activesupport (>= 3.1)
  bcrypt
  carrierwave
  carrierwave-sequel
  dotenv
  erubis (~> 2.7.0)
  gmail
  mail (~> 2.6.5)
  mechanize
  oj
  padrino!
  pg
  rack-parser
  rack-test
  rake
  rspec
  sass
  sequel
  sequel-annotate
  webpush

BUNDLED WITH
   1.14.4
